GEM
  remote: https://rubygems.org/
  specs:
    ruby-lxc (1.1.0)
    thor (0.19.1)

PLATFORMS
  ruby

DEPENDENCIES
  ruby-lxc (~> 1.1.0)
  thor
