GEM
  remote: https://rubygems.org/
  specs:
    cli (1.3.1)
    rake (10.3.0)
    ruby-lxc (1.1.0)

PLATFORMS
  ruby

DEPENDENCIES
  cli (~> 1.3.0)
  rake
  ruby-lxc (~> 1.1.0)
